PATH
  remote: .
  specs:
    astral_plane (0.1.0)

GEM
  remote: https://rubygems.org/
  specs:
    minitest (5.12.0)
    rake (10.5.0)

PLATFORMS
  ruby

DEPENDENCIES
  astral_plane!
  bundler (~> 2.0)
  minitest (~> 5.0)
  rake (~> 10.0)

BUNDLED WITH
   2.0.2
